PATH
  remote: .
  specs:
    network-client (2.0.4)

GEM
  remote: https://rubygems.org/
  specs:
    activesupport (6.1.4)
      concurrent-ruby (~> 1.0, >= 1.0.2)
      i18n (>= 1.6, < 2)
      minitest (>= 5.1)
      tzinfo (~> 2.0)
      zeitwerk (~> 2.3)
    codeclimate-test-reporter (1.0.7)
      simplecov
    concurrent-ruby (1.1.9)
    diff-lcs (1.3)
    docile (1.1.5)
    dotenv (2.2.1)
    factory_girl (4.8.0)
      activesupport (>= 3.0.0)
    i18n (1.8.10)
      concurrent-ruby (~> 1.0)
    json (2.1.0)
    minitest (5.14.4)
    rake (10.5.0)
    rspec (3.6.0)
      rspec-core (~> 3.6.0)
      rspec-expectations (~> 3.6.0)
      rspec-mocks (~> 3.6.0)
    rspec-core (3.6.0)
      rspec-support (~> 3.6.0)
    rspec-expectations (3.6.0)
      diff-lcs (>= 1.2.0, < 2.0)
      rspec-support (~> 3.6.0)
    rspec-mocks (3.6.0)
      diff-lcs (>= 1.2.0, < 2.0)
      rspec-support (~> 3.6.0)
    rspec-support (3.6.0)
    simplecov (0.14.1)
      docile (~> 1.1.0)
      json (>= 1.8, < 3)
      simplecov-html (~> 0.10.0)
    simplecov-html (0.10.0)
    tzinfo (2.0.4)
      concurrent-ruby (~> 1.0)
    zeitwerk (2.4.2)

PLATFORMS
  ruby

DEPENDENCIES
  bundler (~> 1.14)
  codeclimate-test-reporter (~> 1.0)
  dotenv (~> 2.2)
  factory_girl (~> 4.5)
  network-client!
  rake (~> 10.0)
  rspec (~> 3.6)
  simplecov (~> 0.14.1)

BUNDLED WITH
   1.14.6
